GIT
  remote: https://github.com/robolson/ruby-poker.git
  revision: 7bdd90cfddfcaaaf5c3925b0592e7999c5cb859c
  specs:
    ruby-poker (0.3.2)

GEM
  remote: http://rubygems.org/
  specs:
    coderay (1.0.8)
    diff-lcs (1.1.3)
    guard (1.4.0)
      listen (>= 0.4.2)
      thor (>= 0.14.6)
    guard-rspec (1.2.1)
      guard (>= 1.1)
    listen (0.5.2)
    metaclass (0.0.1)
    method_source (0.8.1)
    mocha (0.12.6)
      metaclass (~> 0.0.1)
    pry (0.9.11.3)
      coderay (~> 1.0.5)
      method_source (~> 0.8)
      slop (~> 3.4)
    rspec (2.11.0)
      rspec-core (~> 2.11.0)
      rspec-expectations (~> 2.11.0)
      rspec-mocks (~> 2.11.0)
    rspec-core (2.11.1)
    rspec-expectations (2.11.3)
      diff-lcs (~> 1.1.3)
    rspec-mocks (2.11.3)
    slop (3.4.3)
    thor (0.16.0)

PLATFORMS
  ruby

DEPENDENCIES
  guard
  guard-rspec
  mocha
  pry
  rspec
  ruby-poker!
